PATH
  remote: .
  specs:
    faktory_worker_ruby (1.0.0)
      connection_pool (~> 2.2, >= 2.2.2)

GEM
  remote: https://rubygems.org/
  specs:
    activejob (5.2.2)
      activesupport (= 5.2.2)
      globalid (>= 0.3.6)
    activesupport (5.2.2)
      concurrent-ruby (~> 1.0, >= 1.0.2)
      i18n (>= 0.7, < 2)
      minitest (~> 5.1)
      tzinfo (~> 1.1)
    concurrent-ruby (1.1.4)
    connection_pool (2.2.2)
    docile (1.3.1)
    globalid (0.4.2)
      activesupport (>= 4.2.0)
    i18n (1.5.3)
      concurrent-ruby (~> 1.0)
    json (2.1.0)
    minitest (5.11.3)
    minitest-hooks (1.5.0)
      minitest (> 5.3)
    rake (13.0.1)
    simplecov (0.16.1)
      docile (~> 1.1)
      json (>= 1.8, < 3)
      simplecov-html (~> 0.10.0)
    simplecov-html (0.10.2)
    thread_safe (0.3.6)
    tzinfo (1.2.5)
      thread_safe (~> 0.1)

PLATFORMS
  ruby

DEPENDENCIES
  activejob (>= 5.1.5)
  faktory_worker_ruby!
  minitest (~> 5)
  minitest-hooks
  rake (~> 13)
  simplecov
